GEM
  remote: https://rubygems.org/
  specs:
    coderay (1.1.1)
    faker (1.6.6)
      i18n (~> 0.5)
    haml (4.0.7)
      tilt
    i18n (0.7.0)
    method_source (0.8.2)
    mustermann (2.0.2)
      ruby2_keywords (~> 0.0.1)
    pry (0.10.4)
      coderay (~> 1.1.0)
      method_source (~> 0.8.1)
      slop (~> 3.4)
    rack (2.2.4)
    rack-protection (2.2.3)
      rack
    ruby2_keywords (0.0.5)
    shotgun (0.9.2)
      rack (>= 1.0)
    sinatra (2.2.3)
      mustermann (~> 2.0)
      rack (~> 2.2)
      rack-protection (= 2.2.3)
      tilt (~> 2.0)
    slop (3.6.0)
    sqlite3 (1.3.11)
    tilt (2.0.11)

PLATFORMS
  ruby

DEPENDENCIES
  faker
  haml
  pry
  shotgun
  sinatra
  sqlite3

BUNDLED WITH
   1.13.2
